PATH
  remote: .
  specs:
    opentelemetry-propagator-payx (0.0.1)
      cgi
      opentelemetry-api (~> 1.0)
      opentelemetry-common

GEM
  remote: https://rubygems.org/
  specs:
    ast (2.4.2)
    cgi (0.3.2)
    docile (1.4.0)
    json (2.6.2)
    minitest (5.16.3)
    opentelemetry-api (1.0.2)
    opentelemetry-common (0.19.6)
      opentelemetry-api (~> 1.0)
    parallel (1.22.1)
    parser (3.1.2.1)
      ast (~> 2.4.1)
    rainbow (3.1.1)
    rake (12.3.3)
    regexp_parser (2.5.0)
    rexml (3.2.5)
    rubocop (1.3.1)
      parallel (~> 1.10)
      parser (>= 2.7.1.5)
      rainbow (>= 2.2.2, < 4.0)
      regexp_parser (>= 1.8)
      rexml
      rubocop-ast (>= 1.1.1)
      ruby-progressbar (~> 1.7)
      unicode-display_width (>= 1.4.0, < 2.0)
    rubocop-ast (1.21.0)
      parser (>= 3.1.1.0)
    rubocop-minitest (0.21.1)
      rubocop (>= 0.90, < 2.0)
    rubocop-rake (0.6.0)
      rubocop (~> 1.0)
    ruby-progressbar (1.11.0)
    simplecov (0.17.1)
      docile (~> 1.1)
      json (>= 1.8, < 3)
      simplecov-html (~> 0.10.0)
    simplecov-html (0.10.2)
    unicode-display_width (1.8.0)
    webrick (1.7.0)
    yard (0.9.28)
      webrick (~> 1.7.0)
    yard-doctest (0.1.17)
      minitest
      yard

PLATFORMS
  x86_64-linux

DEPENDENCIES
  bundler (>= 1.17)
  minitest (~> 5.0)
  opentelemetry-propagator-payx!
  rake (~> 12.0)
  rubocop (~> 1.3.0)
  rubocop-minitest
  rubocop-rake
  simplecov (~> 0.17.1)
  yard (~> 0.9)
  yard-doctest (~> 0.1.6)

BUNDLED WITH
   2.3.21
